PATH
  remote: .
  specs:
    guard-yeti (0.0.2)
      guard
      rake

GEM
  remote: http://rubygems.org/
  specs:
    guard (0.7.0)
      thor (~> 0.14.6)
    guard-minitest (0.4.0)
      guard (~> 0.4)
    minitest (2.6.0)
    rake (0.9.2)
    thor (0.14.6)

PLATFORMS
  ruby

DEPENDENCIES
  guard-minitest
  guard-yeti!
  minitest
